PATH
  remote: .
  specs:
    front_data_provider (1.0.0)
      httparty (~> 0.15)

GEM
  remote: https://rubygems.org/
  specs:
    byebug (10.0.0)
    diff-lcs (1.3)
    httparty (0.15.7)
      multi_xml (>= 0.5.2)
    multi_xml (0.6.0)
    rake (10.5.0)
    rspec (3.7.0)
      rspec-core (~> 3.7.0)
      rspec-expectations (~> 3.7.0)
      rspec-mocks (~> 3.7.0)
    rspec-core (3.7.1)
      rspec-support (~> 3.7.0)
    rspec-expectations (3.7.0)
      diff-lcs (>= 1.2.0, < 2.0)
      rspec-support (~> 3.7.0)
    rspec-mocks (3.7.0)
      diff-lcs (>= 1.2.0, < 2.0)
      rspec-support (~> 3.7.0)
    rspec-support (3.7.1)

PLATFORMS
  ruby

DEPENDENCIES
  bundler (~> 1.16)
  byebug (~> 10.0)
  front_data_provider!
  rake (~> 10.0)
  rspec (~> 3.0)

BUNDLED WITH
   1.16.1
